GEM
  remote: https://rubygems.org/
  specs:
    httparty (0.21.0)
      mini_mime (>= 1.0.0)
      multi_xml (>= 0.5.2)
    kramdown (1.8.0)
    mini_mime (1.1.2)
    mini_portile (0.6.2)
    multi_xml (0.6.0)
    nokogiri (1.6.6.2)
      mini_portile (~> 0.6.0)
    parallel (1.6.1)

PLATFORMS
  ruby

DEPENDENCIES
  httparty
  kramdown
  nokogiri
  parallel

BUNDLED WITH
   1.10.6
