GEM
  remote: https://rubygems.org/
  specs:
    httparty (0.13.7)
      json (~> 1.8)
      multi_xml (>= 0.5.2)
    json (1.8.3)
    kramdown (1.8.0)
    mini_portile2 (2.8.0)
    multi_xml (0.5.5)
    nokogiri (1.13.6)
      mini_portile2 (~> 2.8.0)
      racc (~> 1.4)
    parallel (1.6.1)
    racc (1.6.0)

PLATFORMS
  ruby

DEPENDENCIES
  httparty
  kramdown
  nokogiri
  parallel

BUNDLED WITH
   1.10.6
